GEM
  remote: https://rubygems.org/
  specs:
    ansi (1.5.0)
    ast (2.4.0)
    builder (3.2.4)
    diff-lcs (1.3)
    docile (1.3.2)
    dotenv (2.1.1)
    jaro_winkler (1.5.4)
    jwt (1.5.6)
    multi_json (1.15.0)
    parallel (1.19.1)
    parser (2.7.0.3)
      ast (~> 2.4.0)
    rainbow (3.0.0)
    rspec (3.9.0)
      rspec-core (~> 3.9.0)
      rspec-expectations (~> 3.9.0)
      rspec-mocks (~> 3.9.0)
    rspec-core (3.9.1)
      rspec-support (~> 3.9.1)
    rspec-expectations (3.9.0)
      diff-lcs (>= 1.2.0, < 2.0)
      rspec-support (~> 3.9.0)
    rspec-mocks (3.9.1)
      diff-lcs (>= 1.2.0, < 2.0)
      rspec-support (~> 3.9.0)
    rspec-support (3.9.2)
    rubocop (0.79.0)
      jaro_winkler (~> 1.5.1)
      parallel (~> 1.10)
      parser (>= 2.7.0.1)
      rainbow (>= 2.2.2, < 4.0)
      ruby-progressbar (~> 1.7)
      unicode-display_width (>= 1.4.0, < 1.7)
    ruby-progressbar (1.10.1)
    simplecov (0.18.0)
      docile (~> 1.1)
      simplecov-html (~> 0.11.0)
    simplecov-console (0.6.0)
      ansi
      simplecov
      terminal-table
    simplecov-html (0.11.0)
    terminal-table (1.8.0)
      unicode-display_width (~> 1.1, >= 1.1.1)
    twilio-ruby (4.11.1)
      builder (>= 2.1.2)
      jwt (~> 1.0)
      multi_json (>= 1.3.0)
    unicode-display_width (1.6.1)

PLATFORMS
  ruby

DEPENDENCIES
  dotenv (~> 2.1, >= 2.1.1)
  rspec
  rubocop (= 0.79.0)
  simplecov
  simplecov-console
  twilio-ruby (~> 4.11, >= 4.11.1)

BUNDLED WITH
   2.2.8
